GIT
  remote: https://github.com/larskanis/sqlite3-ruby
  revision: 1027509079176fcc4088dcc7638101cde617cf16
  branch: add-gemspec
  specs:
    sqlite3 (1.3.13.20180326210955)

GEM
  remote: https://rubygems.org/
  specs:
    json (2.1.0)
    mini_magick (4.9.2)

PLATFORMS
  x64-mingw32

DEPENDENCIES
  json
  mini_magick
  sqlite3!

BUNDLED WITH
   1.16.6
